GEM
  specs:
    activesupport (3.0.7)
    chunky_png (1.2.0)
    compass (0.11.1)
      chunky_png (~> 1.1)
      fssm (>= 0.2.7)
      sass (~> 3.1)
    fssm (0.2.7)
    i18n (0.6.0)
    rack (1.3.0)
    sass (3.1.2)
    serve (1.1.0)
      activesupport (~> 3.0.7)
      i18n (~> 0.6.0)
      rack (~> 1.3.0)
      tilt (~> 1.3.1)
      tzinfo (~> 0.3.27)
    slim (0.9.4)
      temple (~> 0.3.0)
      tilt (~> 1.2)
    temple (0.3.0)
    tilt (1.3.2)
    tzinfo (0.3.27)

PLATFORMS
  ruby

DEPENDENCIES
  activesupport
  compass
  rack
  sass
  serve
  slim
